GEM
  remote: https://rubygems.org/
  specs:
    addressable (2.8.0)
      public_suffix (>= 2.0.2, < 5.0)
    css_parser (1.11.0)
      addressable
    htmlbeautifier (1.4.2)
    nokogiri (1.13.4-x86_64-linux)
      racc (~> 1.4)
    public_suffix (4.0.7)
    racc (1.6.0)
    ruby-bitmap-fonts (0.1.1)

PLATFORMS
  x86_64-linux

DEPENDENCIES
  css_parser
  htmlbeautifier
  nokogiri
  ruby-bitmap-fonts

BUNDLED WITH
   2.2.26
